GEM
  remote: http://www.rubygems.org/
  specs:
    addressable (2.2.4)
    archive-tar-minitar (0.5.2)
    bson_ext (1.2.2)
    columnize (0.3.2)
    currency_spy (0.0.3)
      bundler
      mechanize
    daemons (1.1.0)
    data_objects (0.10.3)
      addressable (~> 2.1)
    dm-core (1.0.2)
      addressable (~> 2.2)
      extlib (~> 0.9.15)
    dm-do-adapter (1.0.2)
      data_objects (~> 0.10.2)
      dm-core (~> 1.0.2)
    dm-migrations (1.0.2)
      dm-core (~> 1.0.2)
    dm-postgres-adapter (1.0.2)
      dm-do-adapter (~> 1.0.2)
      do_postgres (~> 0.10.2)
    dm-timestamps (1.0.2)
      dm-core (~> 1.0.2)
    do_postgres (0.10.3)
      data_objects (= 0.10.3)
    eventmachine (0.12.10)
    extlib (0.9.15)
    i18n (0.5.0)
    linecache19 (0.5.11)
      ruby_core_source (>= 0.1.4)
    mechanize (1.0.0)
      nokogiri (>= 1.2.1)
    nokogiri (1.4.4)
    rack (1.2.1)
    rake (0.8.7)
    ruby-debug-base19 (0.11.24)
      columnize (>= 0.3.1)
      linecache19 (>= 0.5.11)
      ruby_core_source (>= 0.1.4)
    ruby-debug19 (0.11.6)
      columnize (>= 0.3.1)
      linecache19 (>= 0.5.11)
      ruby-debug-base19 (>= 0.11.19)
    ruby_core_source (0.1.4)
      archive-tar-minitar (>= 0.5.2)
    sinatra (1.1.3)
      rack (~> 1.1)
      tilt (>= 1.2.2, < 2.0)
    thin (1.2.7)
      daemons (>= 1.0.9)
      eventmachine (>= 0.12.6)
      rack (>= 1.0.0)
    tilt (1.2.2)

PLATFORMS
  ruby

DEPENDENCIES
  bson_ext
  currency_spy
  dm-core
  dm-migrations
  dm-postgres-adapter
  dm-timestamps
  i18n
  rake
  ruby-debug19
  sinatra
  thin
